PATH
  remote: .
  specs:
    syn (0.0.0)

GEM
  remote: https://rubygems.org/
  specs:
    awesome_print (1.8.0)
    bgem (0.0.11)
    coderay (1.1.1)
    diff-lcs (1.3)
    method_source (0.8.2)
    power_assert (1.0.2)
    pry (0.10.4)
      coderay (~> 1.1.0)
      method_source (~> 0.8.1)
      slop (~> 3.4)
    rspec (3.6.0)
      rspec-core (~> 3.6.0)
      rspec-expectations (~> 3.6.0)
      rspec-mocks (~> 3.6.0)
    rspec-core (3.6.0)
      rspec-support (~> 3.6.0)
    rspec-expectations (3.6.0)
      diff-lcs (>= 1.2.0, < 2.0)
      rspec-support (~> 3.6.0)
    rspec-mocks (3.6.0)
      diff-lcs (>= 1.2.0, < 2.0)
      rspec-support (~> 3.6.0)
    rspec-power_assert (1.0.0)
      power_assert (~> 1.0.0)
      rspec (>= 2.14)
    rspec-support (3.6.0)
    slop (3.6.0)

PLATFORMS
  ruby

DEPENDENCIES
  awesome_print
  bgem
  pry
  rspec
  rspec-power_assert
  syn!

BUNDLED WITH
   1.15.4
